GIT
  remote: git://github.com/igrigorik/em-websocket.git
  revision: ca98c114c474445c08e97166fb85bb79e582fb3a
  specs:
    em-websocket (0.3.6)
      addressable (>= 2.1.1)
      eventmachine (>= 0.12.9)

GIT
  remote: https://github.com/postrank-labs/goliath.git
  revision: b3b4de1f05ec5a8e173a8386ad267c9c31508771
  specs:
    goliath (0.9.4)
      async-rack
      em-synchrony (>= 1.0.0)
      em-websocket
      eventmachine (>= 1.0.0.beta.3)
      http_parser.rb (~> 0.5.3)
      http_router (~> 0.9.0)
      log4r
      multi_json
      rack (>= 1.2.2)
      rack-contrib
      rack-respond_to

GEM
  remote: http://rubygems.org/
  specs:
    addressable (2.2.6)
    async-rack (0.5.1)
      rack (~> 1.1)
    em-http-request (1.0.0)
      addressable (>= 2.2.3)
      em-socksify
      eventmachine (>= 1.0.0.beta.3)
      http_parser.rb (>= 0.5.2)
    em-socksify (0.1.0)
      eventmachine
    em-synchrony (1.0.0)
      eventmachine (>= 1.0.0.beta.1)
    eventmachine (1.0.0.beta.4)
    http_parser.rb (0.5.3)
    http_router (0.9.7)
      rack (>= 1.0.0)
      url_mount (~> 0.2.1)
    json (1.6.4)
    log4r (1.1.10)
    multi_json (1.0.4)
    nokogiri (1.5.0)
    rack (1.4.0)
    rack-accept-media-types (0.9)
    rack-contrib (1.1.0)
      rack (>= 0.9.1)
    rack-respond_to (0.9.8)
      rack-accept-media-types (>= 0.6)
    url_mount (0.2.1)
      rack

PLATFORMS
  ruby

DEPENDENCIES
  em-http-request
  em-websocket!
  goliath!
  json
  nokogiri
  rack
